GEM
  remote: https://rubygems.org/
  specs:
    test_case_generator (0.2.2)
      thor
    thor (0.19.1)

PLATFORMS
  ruby

DEPENDENCIES
  test_case_generator

BUNDLED WITH
   1.10.6
