GIT
  remote: ssh://git@git.yumemi.jp:10022/techdev/view_generator_ruby.git
  revision: 15893823c8f5c5106fb5e41a64fdbb62d075ea02
  specs:
    view_generator (0.1.0)
      fssm (~> 0.2)
      thor (~> 0.19.1)

GEM
  remote: https://rubygems.org/
  specs:
    fssm (0.2.10)
    test_case_generator (0.2.2)
      thor
    thor (0.19.1)

PLATFORMS
  ruby

DEPENDENCIES
  test_case_generator
  view_generator!

BUNDLED WITH
   1.10.6
